GEM
  remote: http://rubygems.org/
  specs:
    RedCloth (4.2.3)
    actionmailer (2.3.18)
      actionpack (= 2.3.18)
    actionpack (2.3.18)
      activesupport (= 2.3.18)
      rack (~> 1.1.0)
    active-fedora (2.2.2)
      activeresource
      equivalent-xml
      facets
      mediashelf-loggable
      mime-types (>= 1.16)
      multipart-post
      nokogiri
      om (>= 1.0)
      solr-ruby (>= 0.0.6)
      solrizer (> 1.0.0)
      xml-simple (>= 1.0.12)
    activerecord (2.3.18)
      activesupport (= 2.3.18)
    activeresource (2.3.18)
      activesupport (= 2.3.18)
    activesupport (2.3.18)
    authlogic (2.1.2)
      activesupport
    bagit (0.2.0)
      validatable (~> 1.6)
    block_helpers (0.3.3)
      activesupport (>= 2.0)
    builder (3.0.0)
    capybara (0.4.1.2)
      celerity (>= 0.7.9)
      culerity (>= 0.2.4)
      mime-types (>= 1.16)
      nokogiri (>= 1.3.3)
      rack (>= 1.0.0)
      rack-test (>= 0.5.4)
      selenium-webdriver (>= 0.0.27)
      xpath (~> 0.1.3)
    celerity (0.8.9)
    childprocess (0.1.9)
      ffi (~> 1.0.6)
    columnize (0.3.2)
    configuration (1.2.0)
    crack (0.1.8)
    cucumber (0.10.6)
      builder (>= 2.1.2)
      diff-lcs (>= 1.1.2)
      gherkin (~> 2.4.0)
      json (>= 1.4.6)
      term-ansicolor (>= 1.0.5)
    cucumber-rails (0.3.2)
      cucumber (>= 0.8.0)
    culerity (0.2.15)
    curb (0.7.15)
    daemons (1.1.3)
    database_cleaner (0.6.7)
    diff-lcs (1.1.2)
    equivalent-xml (0.2.6)
      nokogiri (>= 1.4.3)
    facets (2.8.4)
    factory_girl (2.1.0)
    ffi (1.0.9)
    gherkin (2.4.0)
      json (>= 1.4.6)
    haml (3.1.2)
    httparty (0.7.8)
      crack (= 0.1.8)
    jettywrapper (0.0.3)
    json (1.5.1)
    json_pure (1.5.1)
    launchy (0.4.0)
      configuration (>= 0.0.5)
      rake (>= 0.8.1)
    linecache (0.43)
    marc (0.3.0)
    mediashelf-loggable (0.4.2)
    mime-types (1.16)
    mocha (0.9.12)
    multipart-post (1.1.2)
    nokogiri (1.4.3.1)
    om (1.2.5)
      nokogiri (>= 1.4.2)
    rack (1.1.6)
    rack-test (0.6.0)
      rack (>= 1.0)
    rails (2.3.18)
      actionmailer (= 2.3.18)
      actionpack (= 2.3.18)
      activerecord (= 2.3.18)
      activeresource (= 2.3.18)
      activesupport (= 2.3.18)
      rake (>= 0.8.3)
    rake (10.1.0)
    rcov (0.9.9)
    rest-client (1.6.3)
      mime-types (>= 1.16)
    rsolr (1.0.2)
      builder (>= 2.1.2)
    rsolr-ext (1.0.3)
      rsolr (>= 1.0.2)
    rspec (1.3.2)
    rspec-rails (1.3.4)
      rack (>= 1.0.0)
      rspec (~> 1.3.1)
    ruby-debug (0.10.4)
      columnize (>= 0.1)
      ruby-debug-base (~> 0.10.4.0)
    ruby-debug-base (0.10.4)
      linecache (>= 0.3)
    rubyzip (0.9.4)
    selenium-webdriver (0.2.1)
      childprocess (>= 0.1.7)
      ffi (>= 1.0.7)
      json_pure
      rubyzip
    solr-ruby (0.0.8)
    solrizer (1.0.4)
      daemons
      mediashelf-loggable
      mediashelf-loggable
      nokogiri
      nokogiri
      nokogiri
      om
      om (>= 1.0.0)
      stomp
      xml-simple
    solrizer-fedora (1.0.3)
      active-fedora (>= 2.0.0)
      rsolr
      solrizer (>= 1.0.0)
    sqlite3-ruby (1.2.5)
    stomp (1.1.8)
    term-ansicolor (1.0.5)
    trollop (1.16.2)
    validatable (1.6.7)
    will_paginate (2.3.15)
    xml-simple (1.0.16)
    xpath (0.1.4)
      nokogiri (~> 1.3)
    yard (0.7.1)

PLATFORMS
  ruby

DEPENDENCIES
  RedCloth (= 4.2.3)
  active-fedora (>= 2.1.0)
  authlogic (= 2.1.2)
  bagit
  block_helpers
  builder
  capybara
  columnize
  crack
  cucumber (>= 0.8.5)
  cucumber-rails
  curb
  database_cleaner
  diff-lcs
  facets (= 2.8.4)
  factory_girl
  gherkin
  haml
  httparty
  jettywrapper
  json_pure (> 1.4.3)
  launchy
  linecache
  marc (= 0.3.0)
  mime-types
  mocha
  multipart-post
  nokogiri (= 1.4.3.1)
  om (>= 1.2.3)
  rack
  rack-test
  rails (= 2.3.18)
  rake
  rcov
  rest-client
  rsolr (~> 1.0.0)
  rsolr-ext (~> 1.0.0)
  rspec (< 2.0.0)
  rspec-rails (< 2.0.0)
  ruby-debug
  ruby-debug-base
  solr-ruby
  solrizer (>= 1.0.4)
  solrizer-fedora (>= 1.0.1)
  sqlite3-ruby (= 1.2.5)
  term-ansicolor
  trollop
  will_paginate
  xml-simple
  yard
